GIT
  remote: git://github.com/fog/fog-core.git
  revision: 6c98359f5250c7d130aaf10643dddf47d304e3de
  specs:
    fog-core (1.21.0)
      builder
      excon (~> 0.31.0)
      formatador (~> 0.2.0)
      mime-types
      net-scp (~> 1.1)
      net-ssh (>= 2.1.3)

GIT
  remote: git://github.com/fog/fog.git
  revision: 91c3b6fc2d5f3949e9cbb924c5fbaf7b7356b877
  ref: 91c3b6f
  specs:
    fog (1.20.0)
      builder
      excon (~> 0.31.0)
      fog-core
      formatador (~> 0.2.0)
      mime-types
      multi_json (~> 1.0)
      net-scp (~> 1.1)
      net-ssh (>= 2.1.3)
      nokogiri (>= 1.5.11)

GIT
  remote: git://github.com/henrikhodne/travis-saucelabs-api.git
  revision: 1b51eea3310b265cca4fc3695811a2f85cbac7fe
  specs:
    travis-saucelabs-api (0.0.2)
      faraday (~> 0.7)
      faraday_middleware (~> 0.9)
      thor (~> 0.14)

GIT
  remote: git://github.com/joshk/net-ssh-shell.git
  revision: 9a5bee577fd18b038d1818e2c323311845f71edf
  specs:
    net-ssh-shell (0.3.0.dev)
      net-ssh (~> 2.1)

GEM
  remote: https://rubygems.org/
  specs:
    activesupport (4.0.2)
      i18n (~> 0.6, >= 0.6.4)
      minitest (~> 4.2)
      multi_json (~> 1.3)
      thread_safe (~> 0.1)
      tzinfo (~> 0.3.37)
    atomic (1.1.14)
    builder (3.2.2)
    excon (0.31.0)
    faraday (0.8.9)
      multipart-post (~> 1.2.0)
    faraday_middleware (0.9.0)
      faraday (>= 0.7.4, < 0.9)
    formatador (0.2.4)
    hashr (0.0.22)
    i18n (0.6.9)
    mime-types (2.1)
    mini_portile (0.5.2)
    minitest (4.7.5)
    multi_json (1.8.4)
    multipart-post (1.2.0)
    net-scp (1.1.2)
      net-ssh (>= 2.6.5)
    net-ssh (2.8.0)
    nokogiri (1.6.1)
      mini_portile (~> 0.5.0)
    thor (0.18.1)
    thread_safe (0.1.3)
      atomic
    tzinfo (0.3.38)

PLATFORMS
  ruby

DEPENDENCIES
  activesupport
  faraday
  fog!
  fog-core!
  hashr
  multi_json
  net-ssh-shell!
  thor
  travis-saucelabs-api!
