GIT
  remote: git://github.com/fog/fog-core.git
  revision: 15429668874096ec6e53354c6e02f0e3b221d7e9
  specs:
    fog-core (1.22.0)
      builder
      excon (~> 0.33)
      formatador (~> 0.2)
      mime-types
      net-scp (~> 1.1)
      net-ssh (>= 2.1.3)

GIT
  remote: git://github.com/fog/fog.git
  revision: 0cf4a25de766cbc60935d8e339b1b67b057f0a33
  specs:
    fog (1.22.1)
      fog-brightbox
      fog-core (~> 1.22)
      fog-json
      ipaddress (~> 0.5)
      nokogiri (~> 1.5, >= 1.5.11)

GIT
  remote: git://github.com/henrikhodne/travis-saucelabs-api.git
  revision: f29e1e407c66ff9e913f8b8ad2fc365a940b6a1b
  specs:
    travis-saucelabs-api (0.0.3)
      faraday (~> 0.7)
      faraday_middleware (~> 0.9)
      thor (~> 0.14)

GIT
  remote: git://github.com/joshk/net-ssh-shell.git
  revision: 9a5bee577fd18b038d1818e2c323311845f71edf
  specs:
    net-ssh-shell (0.3.0.dev)
      net-ssh (~> 2.1)

GEM
  remote: https://rubygems.org/
  specs:
    activesupport (4.1.2)
      i18n (~> 0.6, >= 0.6.9)
      json (~> 1.7, >= 1.7.7)
      minitest (~> 5.1)
      thread_safe (~> 0.1)
      tzinfo (~> 1.1)
    archive-tar-minitar (0.5.2)
    builder (3.2.2)
    docker-api (1.13.0)
      archive-tar-minitar
      excon (>= 0.37.0)
      json
    excon (0.37.0)
    faraday (0.9.0)
      multipart-post (>= 1.2, < 3)
    faraday_middleware (0.9.1)
      faraday (>= 0.7.4, < 0.10)
    fog-brightbox (0.1.1)
      fog-core (~> 1.22)
      fog-json
      inflecto
    fog-json (1.0.0)
      multi_json (~> 1.0)
    formatador (0.2.5)
    hashr (0.0.22)
    i18n (0.6.9)
    inflecto (0.0.2)
    ipaddress (0.8.0)
    json (1.8.1)
    mime-types (2.3)
    mini_portile (0.6.0)
    minitest (5.3.5)
    multi_json (1.10.1)
    multipart-post (2.0.0)
    net-scp (1.2.1)
      net-ssh (>= 2.6.5)
    net-ssh (2.9.1)
    nokogiri (1.6.2.1)
      mini_portile (= 0.6.0)
    thor (0.19.1)
    thread_safe (0.3.4)
    tzinfo (1.2.1)
      thread_safe (~> 0.1)

PLATFORMS
  ruby

DEPENDENCIES
  activesupport
  docker-api
  faraday
  fog!
  fog-core!
  hashr
  multi_json
  net-ssh-shell!
  thor
  travis-saucelabs-api!
